PATH
  remote: .
  specs:
    under-pressure (0.0.1)
      open4

GEM
  remote: https://rubygems.org/
  specs:
    open4 (1.3.0)

PLATFORMS
  ruby

DEPENDENCIES
  under-pressure!
